GEM
  remote: https://rubygems.org/
  specs:
    brock (0.1.5)
    craftbelt (0.0.6)
      nbtfile
    nbtfile (0.2.0)

PLATFORMS
  ruby

DEPENDENCIES
  brock
  craftbelt
  nbtfile
